GEM
  specs:
    abstract_method (1.2.1)
    cfa (0.7.0)
      ruby-augeas
    cheetah (0.5.0)
      abstract_method (~> 1.2)
    ruby-augeas (0.5.0)
    simpleidn (0.1.1)
      unf (~> 0.1.4)
    unf (0.1.4)
      unf_ext
    unf_ext (0.0.7.5)

PLATFORMS
  ruby

DEPENDENCIES
  abstract_method
  cfa
  cheetah
  simpleidn

BUNDLED WITH
   1.16.3
